GEM
  remote: https://rubygems.org/
  specs:
    aws-sdk (1.9.1)
      json (~> 1.4)
      nokogiri (>= 1.4.4)
      uuidtools (~> 2.1)
    backports (3.3.0)
    capistrano (2.14.2)
      highline
      net-scp (>= 1.0.0)
      net-sftp (>= 2.0.0)
      net-ssh (>= 2.0.14)
      net-ssh-gateway (>= 1.1.0)
    capistrano-s3 (0.2.7)
      aws-sdk
      capistrano
      mime-types
    highline (1.6.18)
    jsmin (1.0.1)
    json (1.7.7)
    mime-types (1.22)
    net-scp (1.1.0)
      net-ssh (>= 2.6.5)
    net-sftp (2.1.1)
      net-ssh (>= 2.6.5)
    net-ssh (2.6.7)
    net-ssh-gateway (1.2.0)
      net-ssh (>= 2.6.5)
    nokogiri (1.5.9)
    rack (1.5.2)
    rack-protection (1.5.0)
      rack
    rack-test (0.6.2)
      rack (>= 1.0)
    rake (10.0.4)
    sass (3.2.7)
    sinatra (1.4.2)
      rack (~> 1.5, >= 1.5.2)
      rack-protection (~> 1.4)
      tilt (~> 1.3, >= 1.3.4)
    sinatra-advanced-routes (0.5.3)
      sinatra (~> 1.0)
    sinatra-assetpack (0.2.0)
      backports
      jsmin
      rack-test
      sinatra
      tilt (>= 1.3.0)
    sinatra-export (1.0.1)
      rack
      rack-test
      rake
      sinatra
      sinatra-advanced-routes
      term-ansicolor
    term-ansicolor (1.1.5)
    tilt (1.3.7)
    uuidtools (2.1.3)

PLATFORMS
  ruby

DEPENDENCIES
  capistrano
  capistrano-s3
  rack
  rake
  sass
  sinatra
  sinatra-advanced-routes
  sinatra-assetpack
  sinatra-export
